GEM
  remote: https://rubygems.org/
  specs:
    backports (3.15.0)
    bcrypt (3.1.13)
    erubis (2.7.0)
    minitest (5.11.3)
    multi_json (1.13.1)
    nio4r (2.4.0)
    psych (3.1.0)
    puma (4.0.1)
      nio4r (~> 2.0)
    rack (1.6.12)
    rack-protection (1.5.5)
      rack
    rack-test (1.1.0)
      rack (>= 1.0, < 3)
    redcarpet (3.4.0)
    sinatra (1.4.8)
      rack (~> 1.5)
      rack-protection (~> 1.4)
      tilt (>= 1.3, < 3)
    sinatra-bootstrap (0.6.1)
      sinatra (>= 1.0)
      sinatra-outputbuffer
    sinatra-contrib (1.4.7)
      backports (>= 2.0)
      multi_json
      rack-protection
      rack-test
      sinatra (~> 1.4.0)
      tilt (>= 1.3, < 3)
    sinatra-outputbuffer (0.1.0)
      sinatra (>= 1.0.a)
    tilt (2.0.9)

PLATFORMS
  ruby

DEPENDENCIES
  bcrypt
  erubis
  minitest
  psych
  puma
  rack (>= 1.6.11)
  rack-protection (>= 1.5.5)
  rack-test
  redcarpet
  sinatra (~> 1.4.7)
  sinatra-bootstrap
  sinatra-contrib

RUBY VERSION
   ruby 2.4.1p111

BUNDLED WITH
   2.0.2
